GEM
  remote: https://rubygems.org/
  specs:
    addressable (2.5.1)
      public_suffix (~> 2.0, >= 2.0.2)
    aws-sdk (2.10.7)
      aws-sdk-resources (= 2.10.7)
    aws-sdk-core (2.10.7)
      aws-sigv4 (~> 1.0)
      jmespath (~> 1.0)
    aws-sdk-resources (2.10.7)
      aws-sdk-core (= 2.10.7)
    aws-sigv4 (1.0.0)
    crass (1.0.2)
    daemons (1.2.4)
    em-websocket (0.3.8)
      addressable (>= 2.1.1)
      eventmachine (>= 0.12.9)
    eventmachine (1.2.3)
    fastimage (2.1.0)
    htmlentities (4.3.4)
    httparty (0.15.5)
      multi_xml (>= 0.5.2)
    jmespath (1.3.1)
    json (2.1.0)
    mimemagic (0.3.2)
    mini_portile2 (2.2.0)
    multi_xml (0.6.0)
    mustermann (1.0.0)
    mysql2 (0.4.7)
    nokogiri (1.8.0)
      mini_portile2 (~> 2.2.0)
    nokogumbo (1.4.13)
      nokogiri
    power_assert (1.0.2)
    public_suffix (2.0.5)
    rack (2.0.3)
    rack-protection (2.0.0)
      rack
    sanitize (4.5.0)
      crass (~> 1.0.2)
      nokogiri (>= 1.4.4)
      nokogumbo (~> 1.4.1)
    sequel (4.48.0)
    sinatra (2.0.0)
      mustermann (~> 1.0)
      rack (~> 2.0)
      rack-protection (= 2.0.0)
      tilt (~> 2.0)
    sinatra-websocket (0.3.1)
      em-websocket (~> 0.3.6)
      eventmachine
      thin (>= 1.3.1, < 2.0.0)
    socksify (1.7.1)
    sqlite3 (1.3.13)
    test-unit (3.2.5)
      power_assert
    thin (1.7.1)
      daemons (~> 1.0, >= 1.0.9)
      eventmachine (~> 1.0, >= 1.0.4)
      rack (>= 1, < 3)
    tilt (2.0.7)
    unindent (1.0)

PLATFORMS
  ruby

DEPENDENCIES
  aws-sdk
  fastimage
  htmlentities
  httparty
  json
  mimemagic
  mysql2
  nokogiri
  sanitize
  sequel
  sinatra
  sinatra-websocket
  socksify
  sqlite3
  test-unit
  unindent

BUNDLED WITH
   1.14.4
